GEM
  remote: https://rubygems.org/
  specs:
    hike (1.2.3)
    rake (10.1.0)
    thor (0.18.1)

PLATFORMS
  ruby

DEPENDENCIES
  hike
  rake
  thor
